GEM
  remote: http://rubygems.org/
  specs:
    RedCloth (4.2.3)
    haml (3.0.25)
    jekyll (0.10.0)
      RedCloth (>= 4.2.1)
      liquid (>= 1.9.0)
      maruku (>= 0.5.9)
    liquid (2.2.2)
    maruku (0.6.0)
      syntax (>= 1.0.0)
    syntax (1.0.0)

PLATFORMS
  ruby
